GEM
  remote: https://rubygems.org/
  specs:
    gemetics (0.1.1)

PLATFORMS
  ruby

DEPENDENCIES
  gemetics
